PATH
  remote: .
  specs:
    draft_approve (0.3.0)
      activerecord (>= 5.2, < 7.0)

GEM
  remote: https://rubygems.org/
  specs:
    activemodel (6.1.3)
      activesupport (= 6.1.3)
    activerecord (6.1.3)
      activemodel (= 6.1.3)
      activesupport (= 6.1.3)
    activesupport (6.1.3)
      concurrent-ruby (~> 1.0, >= 1.0.2)
      i18n (>= 1.6, < 2)
      minitest (>= 5.1)
      tzinfo (~> 2.0)
      zeitwerk (~> 2.3)
    appraisal (2.3.0)
      bundler
      rake
      thor (>= 0.14.0)
    codecov (0.2.0)
      colorize
      json
      simplecov
    coderay (1.1.2)
    colorize (0.8.1)
    concurrent-ruby (1.1.8)
    database_cleaner (1.8.5)
    diff-lcs (1.3)
    docile (1.3.2)
    factory_bot (6.1.0)
      activesupport (>= 5.0.0)
    i18n (1.8.9)
      concurrent-ruby (~> 1.0)
    json (2.3.1)
    method_source (1.0.0)
    minitest (5.14.4)
    pg (1.2.3)
    pry (0.13.1)
      coderay (~> 1.1)
      method_source (~> 1.0)
    rake (13.0.1)
    rspec (3.9.0)
      rspec-core (~> 3.9.0)
      rspec-expectations (~> 3.9.0)
      rspec-mocks (~> 3.9.0)
    rspec-core (3.9.1)
      rspec-support (~> 3.9.1)
    rspec-expectations (3.9.0)
      diff-lcs (>= 1.2.0, < 2.0)
      rspec-support (~> 3.9.0)
    rspec-mocks (3.9.1)
      diff-lcs (>= 1.2.0, < 2.0)
      rspec-support (~> 3.9.0)
    rspec-support (3.9.2)
    simplecov (0.18.5)
      docile (~> 1.1)
      simplecov-html (~> 0.11)
    simplecov-html (0.12.2)
    sqlite3 (1.4.2)
    thor (1.0.1)
    tzinfo (2.0.4)
      concurrent-ruby (~> 1.0)
    yard (0.9.25)
    zeitwerk (2.4.2)

PLATFORMS
  ruby

DEPENDENCIES
  appraisal (~> 2.2)
  bundler (~> 1.17)
  codecov (~> 0.1)
  database_cleaner (~> 1.7)
  draft_approve!
  factory_bot (~> 6.1)
  pg (>= 0.18, < 2.0)
  pry (~> 0.12)
  rake (~> 13.0)
  rspec (~> 3.0)
  sqlite3 (~> 1.3)
  yard (~> 0.9.18)

BUNDLED WITH
   1.17.0
